GEM
  remote: https://rubygems.org/
  specs:
    childprocess (0.5.7)
      ffi (~> 1.0, >= 1.0.11)
    coderay (1.1.0)
    ffi (1.9.10)
    formatador (0.2.5)
    guard (2.13.0)
      formatador (>= 0.2.4)
      listen (>= 2.7, <= 4.0)
      lumberjack (~> 1.0)
      nenv (~> 0.1)
      notiffany (~> 0.0)
      pry (>= 0.9.12)
      shellany (~> 0.0)
      thor (>= 0.18.1)
    guard-compat (1.2.1)
    guard-minitest (2.4.4)
      guard-compat (~> 1.2)
      minitest (>= 3.0)
    listen (3.0.3)
      rb-fsevent (>= 0.9.3)
      rb-inotify (>= 0.9)
    lumberjack (1.0.9)
    method_source (0.8.2)
    minitest (5.7.0)
    multi_json (1.11.2)
    nenv (0.2.0)
    notiffany (0.0.8)
      nenv (~> 0.1)
      shellany (~> 0.0)
    pry (0.10.3)
      coderay (~> 1.1.0)
      method_source (~> 0.8.1)
      slop (~> 3.4)
    rb-fsevent (0.9.6)
    rb-inotify (0.9.5)
      ffi (>= 0.5.0)
    rubyzip (1.1.7)
    selenium-webdriver (2.48.1)
      childprocess (~> 0.5)
      multi_json (~> 1.0)
      rubyzip (~> 1.0)
      websocket (~> 1.0)
    shellany (0.0.1)
    slop (3.6.0)
    thor (0.19.1)
    watir-scroll (0.1.0)
      watir-webdriver
    watir-webdriver (0.9.1)
      selenium-webdriver (>= 2.46.2)
    websocket (1.2.2)

PLATFORMS
  ruby

DEPENDENCIES
  guard
  guard-minitest
  minitest
  watir-scroll
  watir-webdriver (~> 0.9)
